PATH
  remote: .
  specs:
    iamspec (0.1.0)
      aws-sdk (~> 2)

GEM
  remote: https://rubygems.org/
  specs:
    aws-sdk (2.3.16)
      aws-sdk-resources (= 2.3.16)
    aws-sdk-core (2.3.16)
      jmespath (~> 1.0)
    aws-sdk-resources (2.3.16)
      aws-sdk-core (= 2.3.16)
    diff-lcs (1.3)
    jmespath (1.2.4)
      json_pure (>= 1.8.1)
    json_pure (1.8.3)
    rake (13.0.3)
    rspec (3.5.0)
      rspec-core (~> 3.5.0)
      rspec-expectations (~> 3.5.0)
      rspec-mocks (~> 3.5.0)
    rspec-core (3.5.4)
      rspec-support (~> 3.5.0)
    rspec-expectations (3.5.0)
      diff-lcs (>= 1.2.0, < 2.0)
      rspec-support (~> 3.5.0)
    rspec-mocks (3.5.0)
      diff-lcs (>= 1.2.0, < 2.0)
      rspec-support (~> 3.5.0)
    rspec-support (3.5.0)

PLATFORMS
  ruby

DEPENDENCIES
  bundler (~> 1.13)
  iamspec!
  rake (~> 13.0)
  rspec (~> 3.0)

BUNDLED WITH
   1.13.1
